GEM
  remote: http://rubygems.org/
  specs:
    awesome_print (1.0.2)
    builder (3.0.0)
    cucumber (1.2.1)
      builder (>= 2.1.2)
      diff-lcs (>= 1.1.3)
      gherkin (~> 2.11.0)
      json (>= 1.4.6)
    cucumber-puppet (0.3.2)
      cucumber (>= 0.6.4)
      gem-man (>= 0.2.0)
      templater (>= 1.0)
    diff-lcs (1.1.3)
    extlib (0.9.15)
    facter (1.6.10)
    gem-man (0.3.0)
    gherkin (2.11.0)
      json (>= 1.4.6)
    highline (1.6.12)
    json (1.7.3)
    puppet (2.6.7)
      facter (>= 1.5.1)
    templater (1.0.0)
      diff-lcs (>= 1.1.2)
      extlib (>= 0.9.5)
      highline (>= 1.4.0)

PLATFORMS
  ruby

DEPENDENCIES
  awesome_print
  cucumber-puppet (= 0.3.2)
  puppet (= 2.6.7)
